GEM
  remote: http://rubygems.org/
  specs:
    childprocess (0.3.9)
      ffi (~> 1.0, >= 1.0.11)
    coderay (1.0.9)
    ffi (1.9.0)
    mail (2.5.4)
      mime-types (~> 1.16)
      treetop (~> 1.4.8)
    method_source (0.8.1)
    mime-types (1.23)
    multi_json (1.7.7)
    polyglot (0.3.3)
    pry (0.9.12.2)
      coderay (~> 1.0.5)
      method_source (~> 0.8)
      slop (~> 3.4)
    rubyzip (0.9.9)
    selenium-webdriver (2.33.0)
      childprocess (>= 0.2.5)
      multi_json (~> 1.0)
      rubyzip
      websocket (~> 1.0.4)
    slop (3.4.5)
    treetop (1.4.14)
      polyglot
      polyglot (>= 0.3.1)
    websocket (1.0.7)

PLATFORMS
  ruby

DEPENDENCIES
  mail
  pry
  selenium-webdriver
